GIT
  remote: git://github.com/opal/opal-sprockets.git
  revision: a063dffd884b495ed0c54b4c3b0b1cacc4abb322
  specs:
    opal-sprockets (0.4.1.0.11.0.rc1.3.1.beta2)
      opal (~> 0.11.0.rc1)
      sprockets (~> 3.1)
      tilt (>= 1.4)

GIT
  remote: git://github.com/youchan/opal.git
  revision: 79998074a820fd1e651bce1e8661245949648285
  branch: marshal-dump-bignum
  specs:
    opal (0.11.0.rc1)
      ast (>= 2.3.0)
      hike (~> 1.2)
      parser (= 2.3.3.1)
      sourcemap (~> 0.1.0)

GEM
  remote: https://rubygems.org/
  specs:
    ast (2.3.0)
    backports (3.8.0)
    concurrent-ruby (1.0.5)
    daemons (1.2.4)
    eventmachine (1.2.3)
    hike (1.2.3)
    multi_json (1.12.1)
    mustermann (1.0.0)
    parser (2.3.3.1)
      ast (~> 2.2)
    rack (2.0.3)
    rack-protection (2.0.0)
      rack
    rake (12.0.0)
    sass (3.4.24)
    sinatra (2.0.0)
      mustermann (~> 1.0)
      rack (~> 2.0)
      rack-protection (= 2.0.0)
      tilt (~> 2.0)
    sinatra-contrib (2.0.0)
      backports (>= 2.0)
      multi_json
      mustermann (~> 1.0)
      rack-protection (= 2.0.0)
      sinatra (= 2.0.0)
      tilt (>= 1.3, < 3)
    sourcemap (0.1.1)
    sprockets (3.7.1)
      concurrent-ruby (~> 1.0)
      rack (> 1, < 3)
    thin (1.7.1)
      daemons (~> 1.0, >= 1.0.9)
      eventmachine (~> 1.0, >= 1.0.4)
      rack (>= 1, < 3)
    tilt (2.0.7)

PLATFORMS
  ruby

DEPENDENCIES
  opal!
  opal-sprockets!
  rake
  sass
  sinatra
  sinatra-contrib
  thin

BUNDLED WITH
   1.14.6
